PATH
  remote: .
  specs:
    fedex_apis (0.1.0)
      excon

GEM
  remote: https://rubygems.org/
  specs:
    excon (0.99.0)
    minitest (5.18.0)
    rake (13.0.6)
    vcr (6.1.0)

PLATFORMS
  x86_64-linux-musl

DEPENDENCIES
  bundler (~> 2.0)
  fedex_apis!
  minitest (~> 5.0)
  rake (~> 13.0)
  vcr

BUNDLED WITH
   2.4.13
