PATH
  remote: .
  specs:
    fedex_apis (0.1.0)
      activesupport
      excon

GEM
  remote: https://rubygems.org/
  specs:
    activesupport (7.0.4.3)
      concurrent-ruby (~> 1.0, >= 1.0.2)
      i18n (>= 1.6, < 2)
      minitest (>= 5.1)
      tzinfo (~> 2.0)
    ansi (1.5.0)
    builder (3.2.4)
    concurrent-ruby (1.2.2)
    dotenv (2.8.1)
    excon (0.99.0)
    i18n (1.13.0)
      concurrent-ruby (~> 1.0)
    minitest (5.18.0)
    minitest-reporters (1.6.0)
      ansi
      builder
      minitest (>= 5.0)
      ruby-progressbar
    rake (13.0.6)
    ruby-progressbar (1.13.0)
    tzinfo (2.0.6)
      concurrent-ruby (~> 1.0)
    vcr (6.1.0)

PLATFORMS
  x86_64-linux-musl

DEPENDENCIES
  bundler (~> 2.0)
  dotenv
  fedex_apis!
  minitest (~> 5.0)
  minitest-reporters
  rake (~> 13.0)
  vcr

BUNDLED WITH
   2.4.13
